GIT
  remote: git://github.com/koraktor/metior.git
  revision: eab32396d40c366b5e56f12d635885022119e285
  specs:
    metior (0.2.0)
      grit (~> 2.4.1)
      hashery (~> 1.4.0)
      mustache (~> 0.99.4)
      octokit (~> 0.6.4)

GEM
  remote: http://rubygems.org/
  specs:
    abstract (1.0.0)
    actionmailer (3.0.10)
      actionpack (= 3.0.10)
      mail (~> 2.2.19)
    actionpack (3.0.10)
      activemodel (= 3.0.10)
      activesupport (= 3.0.10)
      builder (~> 2.1.2)
      erubis (~> 2.6.6)
      i18n (~> 0.5.0)
      rack (~> 1.2.1)
      rack-mount (~> 0.6.14)
      rack-test (~> 0.5.7)
      tzinfo (~> 0.3.23)
    activemodel (3.0.10)
      activesupport (= 3.0.10)
      builder (~> 2.1.2)
      i18n (~> 0.5.0)
    activerecord (3.0.10)
      activemodel (= 3.0.10)
      activesupport (= 3.0.10)
      arel (~> 2.0.10)
      tzinfo (~> 0.3.23)
    activeresource (3.0.10)
      activemodel (= 3.0.10)
      activesupport (= 3.0.10)
    activesupport (3.0.10)
    addressable (2.2.6)
    arel (2.0.10)
    builder (2.1.2)
    daemons (1.1.4)
    dalli (1.0.5)
    diff-lcs (1.1.2)
    erubis (2.6.6)
      abstract (>= 1.0.0)
    eventmachine (0.12.10)
    faraday (0.7.4)
      addressable (~> 2.2.6)
      multipart-post (~> 1.1.0)
      rack (< 2, >= 1.1.0)
    faraday_middleware (0.7.0)
      faraday (~> 0.7.3)
    grit (2.4.1)
      diff-lcs (~> 1.1)
      mime-types (~> 1.15)
    hashery (1.4.0)
    hashie (1.0.0)
    i18n (0.5.0)
    jquery-rails (1.0.13)
      railties (~> 3.0)
      thor (~> 0.14)
    mail (2.2.19)
      activesupport (>= 2.3.6)
      i18n (>= 0.4.0)
      mime-types (~> 1.16)
      treetop (~> 1.4.8)
    mime-types (1.16)
    multi_json (1.0.3)
    multipart-post (1.1.3)
    mustache (0.99.4)
    newrelic_rpm (3.1.1)
    octokit (0.6.4)
      addressable (~> 2.2.6)
      faraday (~> 0.7.3)
      faraday_middleware (~> 0.7.0.rc1)
      hashie (~> 1.0.0)
      multi_json (~> 1.0.2)
    polyglot (0.3.2)
    rack (1.2.3)
    rack-cache (1.0.2)
      rack (>= 0.4)
    rack-mount (0.6.14)
      rack (>= 1.0.0)
    rack-test (0.5.7)
      rack (>= 1.0)
    rails (3.0.10)
      actionmailer (= 3.0.10)
      actionpack (= 3.0.10)
      activerecord (= 3.0.10)
      activeresource (= 3.0.10)
      activesupport (= 3.0.10)
      bundler (~> 1.0)
      railties (= 3.0.10)
    railties (3.0.10)
      actionpack (= 3.0.10)
      activesupport (= 3.0.10)
      rake (>= 0.8.7)
      rdoc (~> 3.4)
      thor (~> 0.14.4)
    rake (0.9.2)
    rdoc (3.9.3)
    thin (1.2.11)
      daemons (>= 1.0.9)
      eventmachine (>= 0.12.6)
      rack (>= 1.0.0)
    thor (0.14.6)
    treetop (1.4.10)
      polyglot
      polyglot (>= 0.3.1)
    tzinfo (0.3.29)

PLATFORMS
  ruby

DEPENDENCIES
  dalli (~> 1.0.5)
  jquery-rails (~> 1.0.13)
  metior!
  newrelic_rpm (~> 3.1.1)
  rack-cache (~> 1.0.2)
  rails (~> 3.0.10)
  thin (~> 1.2.11)
